PATH
  remote: .
  specs:
    pdf-extract (0.1.1)
      commander (>= 4.0.4)
      json (>= 1.5.1)
      nokogiri (>= 1.5.0)
      pdf-reader (= 2.2.0)
      prawn (>= 0.11.1)
      rb-libsvm (>= 1.1.3)
      sqlite3 (>= 1.3.4)

GEM
  remote: https://rubygems.org/
  specs:
    Ascii85 (1.0.3)
    afm (0.2.2)
    bson (1.9.2)
    bson_ext (1.9.2)
      bson (~> 1.9.2)
    commander (4.4.7)
      highline (~> 2.0.0)
    hashery (2.1.2)
    highline (2.0.2)
    json (1.8.1)
    mini_portile (0.6.2)
    mongo (1.9.2)
      bson (~> 1.9.2)
    nokogiri (1.6.6.2)
      mini_portile (~> 0.6.0)
    pdf-core (0.7.0)
    pdf-reader (2.2.0)
      Ascii85 (~> 1.0.0)
      afm (~> 0.2.1)
      hashery (~> 2.0)
      ruby-rc4
      ttfunk
    prawn (2.2.2)
      pdf-core (~> 0.7.0)
      ttfunk (~> 1.5)
    rake (12.3.2)
    rb-libsvm (1.1.3)
    ruby-rc4 (0.1.5)
    sqlite3 (1.4.0)
    ttfunk (1.5.1)

PLATFORMS
  ruby

DEPENDENCIES
  bson_ext (>= 1.9.2)
  mongo (>= 1.9.2)
  pdf-extract!
  rake (>= 10.1.0)

BUNDLED WITH
   1.16.6
